GEM
  remote: http://rubygems.org/
  specs:
    activesupport (3.0.1)
    diff-lcs (1.1.2)
    json (1.4.6)
    marc (0.4.1)
    nokogiri (1.4.3.1)
    rspec (2.1.0)
      rspec-core (~> 2.1.0)
      rspec-expectations (~> 2.1.0)
      rspec-mocks (~> 2.1.0)
    rspec-core (2.1.0)
    rspec-expectations (2.1.0)
      diff-lcs (~> 1.1.2)
    rspec-mocks (2.1.0)
    simple-rss (1.2.3)

PLATFORMS
  ruby

DEPENDENCIES
  activesupport
  json
  marc
  nokogiri
  rspec
  simple-rss
